GEM
  remote: https://rubygems.org/
  specs:
    ansible_spec (0.2.8)
      hostlist_expression
      oj
      serverspec (>= 2.0.0)
    builder (3.2.2)
    ci_reporter (2.0.0)
      builder (>= 2.1.2)
    ci_reporter_rspec (1.0.0)
      ci_reporter (~> 2.0)
      rspec (>= 2.14, < 4)
    diff-lcs (1.2.5)
    hostlist_expression (0.2.1)
    multi_json (1.11.2)
    net-scp (1.2.1)
      net-ssh (>= 2.6.5)
    net-ssh (3.0.2)
    net-telnet (0.1.1)
    netaddr (1.5.1)
    oj (2.14.6)
    rake (10.5.0)
    rspec (3.4.0)
      rspec-core (~> 3.4.0)
      rspec-expectations (~> 3.4.0)
      rspec-mocks (~> 3.4.0)
    rspec-core (3.4.3)
      rspec-support (~> 3.4.0)
    rspec-expectations (3.4.0)
      diff-lcs (>= 1.2.0, < 2.0)
      rspec-support (~> 3.4.0)
    rspec-its (1.2.0)
      rspec-core (>= 3.0.0)
      rspec-expectations (>= 3.0.0)
    rspec-mocks (3.4.1)
      diff-lcs (>= 1.2.0, < 2.0)
      rspec-support (~> 3.4.0)
    rspec-support (3.4.1)
    serverspec (2.30.0)
      multi_json
      rspec (~> 3.0)
      rspec-its
      specinfra (~> 2.48)
    sfl (2.2)
    specinfra (2.51.2)
      net-scp
      net-ssh (>= 2.7, < 3.1)
      net-telnet
      sfl

PLATFORMS
  ruby

DEPENDENCIES
  ansible_spec (= 0.2.8)
  ci_reporter_rspec
  netaddr
  rake
  rspec
  serverspec

BUNDLED WITH
   1.11.2
